GEM
  remote: http://rubygems.org/
  specs:
    activesupport (2.3.2)
    git (1.2.5)
    jeweler (1.6.0)
      bundler (~> 1.0.0)
      git (>= 1.2.5)
      rake
    json (1.5.3)
    mustache (0.11.2)
    rake (0.8.7)
    rspec (1.2.9)

PLATFORMS
  ruby

DEPENDENCIES
  activesupport (>= 2.3.2)
  bundler (~> 1.0.0)
  jeweler (~> 1.6.0)
  json (> 0)
  mustache (= 0.11.2)
  rspec (>= 1.2.6)
